PATH
  remote: .
  specs:
    cl (0.0.4)
      regstry (~> 1.0.3)

GEM
  remote: https://rubygems.org/
  specs:
    diff-lcs (1.3)
    memfs (1.0.0)
    regstry (1.0.5)
    rspec (3.8.0)
      rspec-core (~> 3.8.0)
      rspec-expectations (~> 3.8.0)
      rspec-mocks (~> 3.8.0)
    rspec-core (3.8.0)
      rspec-support (~> 3.8.0)
    rspec-expectations (3.8.3)
      diff-lcs (>= 1.2.0, < 2.0)
      rspec-support (~> 3.8.0)
    rspec-mocks (3.8.0)
      diff-lcs (>= 1.2.0, < 2.0)
      rspec-support (~> 3.8.0)
    rspec-support (3.8.0)

PLATFORMS
  ruby

DEPENDENCIES
  cl!
  memfs
  rspec

BUNDLED WITH
   1.17.2
